GEM
  remote: https://rubygems.org/
  specs:
    coderay (1.0.9)
    faraday (0.8.8)
      multipart-post (~> 1.2.0)
    json (1.7.7)
    method_source (0.8.2)
    mini_portile (0.5.1)
    multipart-post (1.2.0)
    nokogiri (1.6.0)
      mini_portile (~> 0.5.0)
    pry (0.9.12.2)
      coderay (~> 1.0.5)
      method_source (~> 0.8)
      slop (~> 3.4)
    sanitize (2.0.6)
      nokogiri (>= 1.4.4)
    slop (3.4.6)

PLATFORMS
  ruby

DEPENDENCIES
  faraday
  json
  nokogiri
  pry
  sanitize
